GEM
  remote: https://rubygems.org/
  specs:
    narray (0.6.1.2)
    power_assert (0.2.7)
    test-unit (3.1.7)
      power_assert

PLATFORMS
  ruby

DEPENDENCIES
  narray
  test-unit (> 3.0.0)

BUNDLED WITH
   1.11.2
